PATH
  remote: .
  specs:
    zanox (0.0.1)

GEM
  remote: https://rubygems.org/
  specs:
    activesupport (4.0.0)
      i18n (~> 0.6, >= 0.6.4)
      minitest (~> 4.2)
      multi_json (~> 1.3)
      thread_safe (~> 0.1)
      tzinfo (~> 0.3.37)
    ansi (1.4.3)
    atomic (1.1.13)
    i18n (0.6.5)
    minitest (4.7.5)
    multi_json (1.7.9)
    rake (10.0.4)
    shoulda (3.5.0)
      shoulda-context (~> 1.0, >= 1.0.1)
      shoulda-matchers (>= 1.4.1, < 3.0)
    shoulda-context (1.1.5)
    shoulda-matchers (2.3.0)
      activesupport (>= 3.0.0)
    term-ansicolor (1.2.2)
      tins (~> 0.8)
    thread_safe (0.1.2)
      atomic
    tins (0.9.0)
    turn (0.9.6)
      ansi
    tzinfo (0.3.37)

PLATFORMS
  ruby

DEPENDENCIES
  rake
  shoulda
  term-ansicolor
  turn
  zanox!
